GEM
  remote: https://rubygems.org/
  specs:
    mina (0.3.1)
      open4 (~> 1.3.4)
      rake
    mina-multistage (0.1.1)
      mina (>= 0.2.1)
    open4 (1.3.4)
    rake (10.3.2)

PLATFORMS
  ruby

DEPENDENCIES
  mina (~> 0.3.1)
  mina-multistage
